PATH
  remote: .
  specs:
    instrumental_tools (0.1)
      instrumental_agent (>= 0.2)
      json

GEM
  remote: http://rubygems.org/
  specs:
    instrumental_agent (0.2.0)
    json (1.6.1)
    rake (0.9.2.2)

PLATFORMS
  ruby

DEPENDENCIES
  instrumental_tools!
  rake
